GEM
  remote: http://rubygems.org/
  specs:
    RedCloth (4.2.2)
    Selenium (1.1.14)
    actionmailer (2.3.5)
      actionpack (= 2.3.5)
    actionpack (2.3.5)
      activesupport (= 2.3.5)
      rack (~> 1.0.0)
    activerecord (2.3.5)
      activesupport (= 2.3.5)
    activeresource (2.3.5)
      activesupport (= 2.3.5)
    activesupport (2.3.5)
    builder (3.0.0)
    cgi_multipart_eof_fix (2.5.0)
    cucumber (0.4.0)
      builder (>= 2.1.2)
      diff-lcs (>= 1.1.2)
      polyglot (>= 0.2.9)
      term-ansicolor (>= 1.0.3)
      treetop (>= 1.4.2)
    daemons (1.0.10)
    database_cleaner (0.7.0)
    diff-lcs (1.1.3)
    exception_notification (1.0.20090728)
    fastthread (1.0.7)
    ferret (0.11.6)
      rake (> 0.0.0)
    gem_plugin (0.2.3)
    gettext (2.1.0)
      locale (>= 2.0.5)
    gettext_activerecord (2.1.0)
      activerecord (>= 2.3.2)
      gettext (>= 2.1.0)
    gettext_rails (2.1.0)
      gettext_activerecord (>= 2.1.0)
      locale_rails (>= 2.0.5)
      rails (>= 2.3.2)
    hpricot (0.8.2)
    i18n (0.4.1)
    locale (2.0.5)
    locale_rails (2.0.5)
      locale (>= 2.0.5)
    metaclass (0.0.1)
    mocha (0.10.3)
      metaclass (~> 0.0.1)
    mongrel (1.1.5)
      cgi_multipart_eof_fix (>= 2.4)
      daemons (>= 1.0.3)
      fastthread (>= 1.0.1)
      gem_plugin (>= 0.2.3)
    mongrel_cluster (1.0.5)
      gem_plugin (>= 0.2.3)
      mongrel (>= 1.0.2)
    nokogiri (1.5.0)
    pg (0.8.0)
    polyglot (0.3.3)
    rack (1.0.1)
    rails (2.3.5)
      actionmailer (= 2.3.5)
      actionpack (= 2.3.5)
      activerecord (= 2.3.5)
      activeresource (= 2.3.5)
      activesupport (= 2.3.5)
      rake (>= 0.8.3)
    rake (0.8.7)
    rcov (1.0.0)
    rmagick (2.13.1)
    rspec (1.2.9)
    rspec-rails (1.2.9)
      rack (>= 1.0.0)
      rspec (>= 1.2.9)
    ruby-feedparser (0.7)
    selenium-client (1.2.18)
    sqlite3-ruby (1.2.4)
    system_timer (1.2.4)
    term-ansicolor (1.0.7)
    tidy (1.1.2)
    treetop (1.4.10)
      polyglot
      polyglot (>= 0.3.1)
    webrat (0.5.1)
      nokogiri (>= 1.2.0)
      rack (>= 1.0)
    will_paginate (2.3.12)

PLATFORMS
  ruby

DEPENDENCIES
  RedCloth (= 4.2.2)
  Selenium (>= 1.1.14)
  cucumber (= 0.4.0)
  daemons (= 1.0.10)
  database_cleaner
  exception_notification (= 1.0.20090728)
  ferret (= 0.11.6)
  gettext (= 2.1.0)
  gettext_rails (= 2.1.0)
  hpricot (= 0.8.2)
  i18n (= 0.4.1)
  mocha
  mongrel (= 1.1.5)
  mongrel_cluster (= 1.0.5)
  pg (= 0.8.0)
  rails (= 2.3.5)
  rake (= 0.8.7)
  rcov
  rmagick (= 2.13.1)
  rspec (= 1.2.9)
  rspec-rails (= 1.2.9)
  ruby-feedparser (= 0.7)
  selenium-client (>= 1.2.17)
  sqlite3-ruby (= 1.2.4)
  system_timer
  tidy
  webrat (= 0.5.1)
  will_paginate (= 2.3.12)
