GEM
  remote: http://rubygems.org/
  specs:
    RedCloth (4.0.0)
    Selenium (1.1.14)
    actionmailer (2.1.0)
      actionpack (= 2.1.0)
    actionpack (2.1.0)
      activesupport (= 2.1.0)
    activerecord (2.1.0)
      activesupport (= 2.1.0)
    activeresource (2.1.0)
      activesupport (= 2.1.0)
    activesupport (2.1.0)
    builder (2.1.2)
    cgi_multipart_eof_fix (2.5.0)
    cucumber (0.4.0)
      builder (>= 2.1.2)
      diff-lcs (>= 1.1.2)
      gherkin (~> 2.6.2)
      json (>= 1.4.6)
      polyglot (>= 0.2.3)
      term-ansicolor (>= 1.0.6)
      treetop (>= 1.4.0)
    daemons (1.0.10)
    database_cleaner (0.5.2)
    diff-lcs (1.1.3)
    fastthread (1.0.7)
    ferret (0.11.6)
    gem_plugin (0.2.3)
    gettext (1.91.0)
      json (>= 1.4.6)
    gherkin (2.6.5)
      json (>= 1.4.6)
    hpricot (0.6)
    json (1.4.6)
    metaclass (0.0.1)
    mocha (0.10.0)
      metaclass (~> 0.0.1)
    mongrel (1.1.5)
    mongrel_cluster (1.0.5)
      cgi_multipart_eof_fix
      fastthread
      gem_plugin (= 0.2.3)
    nokogiri (1.3.3)
    pg (0.7.9.2008.03.18)
    polyglot (0.2.9)
      xml-simple (= 1.0.11)
    rack (1.3.5)
    rack-test (0.6.1)
      rack (>= 1.0)
    rails (2.1.0)
      actionmailer (= 2.1.0)
      actionpack (= 2.1.0)
      activerecord (= 2.1.0)
      activeresource (= 2.1.0)
      activesupport (= 2.1.0)
      rake (= 0.8.1)
    rake (0.8.1)
    rcov (0.8.1.2.0)
    rmagick (2.5.2)
    rspec (1.2.8)
    rspec-rails (1.2.7.1)
    ruby-feedparser (0.7)
    selenium-client (1.2.18)
    sqlite3-ruby (1.2.2)
    term-ansicolor (1.0.6)
    tidy (1.1.2)
    treetop (1.4.2)
    webrat (0.5.1)
      nokogiri (>= 1.2.0)
      rack (>= 1.0)
      rack-test (>= 0.5.3)
    will_paginate (2.3.11)
    xml-simple (1.0.11)

PLATFORMS
  ruby

DEPENDENCIES
  RedCloth
  Selenium
  cucumber
  daemons
  database_cleaner
  ferret
  gettext
  hpricot
  mocha
  mongrel
  mongrel_cluster
  pg
  rails
  rake
  rcov
  rmagick
  rspec
  rspec-rails
  ruby-feedparser
  selenium-client
  sqlite3-ruby
  tidy
  webrat
  will_paginate
